GEM
  remote: https://rubygems.org/
  specs:
    power_assert (1.1.3)
    rake (12.3.1)
    structured_warnings (0.3.0)
    test-unit (3.2.8)
      power_assert

PLATFORMS
  ruby

DEPENDENCIES
  rake
  structured_warnings
  test-unit

BUNDLED WITH
   1.17.0.pre.1
